PATH
  remote: .
  specs:
    influxdb-lineprotocol-writer (0.2.0)
      excon (~> 0.45, >= 0.45.3)

GEM
  remote: https://rubygems.org/
  specs:
    excon (0.45.3)
    json (1.8.3)
    mixlib-cli (1.5.0)
    net-ping (1.7.7)
    rake (10.1.0)
    sensu-plugin (1.1.0)
      json
      mixlib-cli (>= 1.1.0)

PLATFORMS
  ruby

DEPENDENCIES
  influxdb-lineprotocol-writer!
  net-ping
  rake
  sensu-plugin (~> 1.1, >= 1.1.0)
